GEM
  remote: http://www.rubygems.org/
  specs:
    colored (1.2)
    sorbet (0.4.4356)
      sorbet-static (= 0.4.4356)
    sorbet-static (0.4.4356-universal-darwin-14)
    timecop (0.9.1)

PLATFORMS
  ruby

DEPENDENCIES
  colored
  sorbet
  timecop

BUNDLED WITH
   1.16.2
